GEM
  remote: https://rubygems.org/
  specs:
    mini_portile2 (2.4.0)
    net-scp (3.0.0)
      net-ssh (>= 2.6.5, < 7.0.0)
    net-ssh (6.1.0)
    nokogiri (1.10.10)
      mini_portile2 (~> 2.4.0)

PLATFORMS
  ruby

DEPENDENCIES
  net-scp
  nokogiri

BUNDLED WITH
   2.1.4
