GEM
  remote: https://rubygems.org/
  specs:
    net-scp (3.0.0)
      net-ssh (>= 2.6.5, < 7.0.0)
    net-ssh (6.1.0)

PLATFORMS
  ruby

DEPENDENCIES
  net-scp

BUNDLED WITH
   2.1.4
